GEM
  remote: https://rubygems.org/
  specs:
    RubyInline (3.12.3)
      ZenTest (~> 4.3)
    ZenTest (4.11.0)
    actionpack (1.4.0)
    activesupport (4.2.0)
      i18n (~> 0.7)
      json (~> 1.7, >= 1.7.7)
      minitest (~> 5.1)
      thread_safe (~> 0.3, >= 0.3.4)
      tzinfo (~> 1.1)
    addressable (2.3.6)
    aws-sdk (1.61.0)
      aws-sdk-v1 (= 1.61.0)
    aws-sdk-v1 (1.61.0)
      json (~> 1.4)
      nokogiri (>= 1.4.4)
    capybara (2.4.4)
      mime-types (>= 1.16)
      nokogiri (>= 1.3.3)
      rack (>= 1.0.0)
      rack-test (>= 0.5.4)
      xpath (~> 2.0)
    certified (1.0.0)
    claide (0.8.0)
    cliver (0.3.2)
    cocoapods (0.36.0.beta.2)
      activesupport (>= 3.2.15)
      claide (~> 0.8.0)
      cocoapods-core (= 0.36.0.beta.2)
      cocoapods-downloader (~> 0.8.1)
      cocoapods-plugins (~> 0.4.0)
      cocoapods-trunk (~> 0.5.0)
      cocoapods-try (~> 0.4.3)
      colored (~> 1.2)
      escape (~> 0.0.4)
      molinillo (~> 0.2.0)
      nap (~> 0.8)
      open4 (~> 1.3)
      xcodeproj (~> 0.21.2)
    cocoapods-check_latest (0.0.1)
      cocoapods (~> 0.28)
    cocoapods-clean (0.0.1)
    cocoapods-core (0.36.0.beta.2)
      activesupport (>= 3.2.15)
      fuzzy_match (~> 2.0.4)
      nap (~> 0.8.0)
    cocoapods-dependencies (0.4.0)
    cocoapods-docs (0.2.0)
    cocoapods-docstats (0.0.3)
      docstat
    cocoapods-downloader (0.8.1)
    cocoapods-keys (0.9.5)
      osx_keychain
    cocoapods-plugins (0.4.0)
      nap
    cocoapods-release (0.1.3)
    cocoapods-sorted-search (0.2.4)
      cocoapods (>= 0.28)
      hashie
      osx_keychain
      ruby-progressbar
      typhoeus
    cocoapods-trunk (0.5.0)
      nap (>= 0.8)
      netrc (= 0.7.8)
    cocoapods-try (0.4.3)
    colored (1.2)
    commander (4.2.1)
      highline (~> 1.6.11)
    credentials_manager (0.1.2)
      colored
      highline (~> 1.6.21)
      security (~> 0.1.3)
    cupertino (1.3.0)
      certified (>= 0.1.0)
      commander (~> 4.2.0)
      mechanize (~> 2.5.1)
      nokogiri (~> 1.6.3)
      security (~> 0.1.2)
      term-ansicolor (~> 1.0.7)
      terminal-table (~> 1.4.5)
    deliver (0.7.3)
      capybara (~> 2.4.3)
      colored
      commander (~> 4.2.0)
      credentials_manager
      fastimage (~> 1.6.3)
      highline (~> 1.6.21)
      json
      multi_json
      nokogiri (~> 1.6.5)
      plist (~> 3.1.0)
      poltergeist (~> 1.5.1)
      prawn
      rubyzip (~> 1.1.6)
    docstat (1.0.4)
      sqlite3
    domain_name (0.5.23)
      unf (>= 0.0.5, < 1.0.0)
    dotenv (0.11.1)
      dotenv-deployment (~> 0.0.2)
    dotenv-deployment (0.0.2)
    dubai (0.0.6)
      commander (~> 4.1)
      json
      rubyzip (~> 1.0)
      sinatra (~> 1.3)
      terminal-table (~> 1.4)
    escape (0.0.4)
    ethon (0.7.2)
      ffi (>= 1.3.0)
    faraday (0.8.9)
      multipart-post (~> 1.2.0)
    faraday_middleware (0.9.1)
      faraday (>= 0.7.4, < 0.10)
    fastimage (1.6.6)
      addressable (~> 2.3, >= 2.3.5)
    fastlane (0.1.5)
      colored
      commander (~> 4.2.0)
      credentials_manager
      deliver (>= 0.5.0)
      frameit (>= 0.2.0)
      highline (~> 1.6.21)
      json
      nokogiri (~> 1.6.5)
      pem (>= 0.3.0)
      produce (>= 0.1.0)
      shenzhen (~> 0.11.0)
      sigh (>= 0.2.0)
      slack-notifier (~> 1.0)
      snapshot (>= 0.4.0)
    ffi (1.9.6)
    frameit (0.2.1)
      colored
      commander (~> 4.2.0)
      deliver (> 0.3)
      fastimage (~> 1.6.3)
      highline (~> 1.6.21)
      json
      mini_magick (~> 4.0.2)
    fuzzy_match (2.0.4)
    git_stats (1.0.8)
      actionpack
      activesupport
      haml
      i18n
      lazy_high_charts
      thor
      tilt
    haml (4.0.6)
      tilt
    hash-deep-merge (0.1.1)
    hashie (3.3.2)
    highline (1.6.21)
    houston (2.2.3)
      commander (~> 4.1)
      json
    i18n (0.7.0)
    json (1.8.2)
    kicker (3.0.0)
      listen (~> 1.3.0)
      notify (~> 0.5.2)
    lazy_high_charts (1.5.4)
      bundler (>= 1.0)
      hash-deep-merge
    listen (1.3.1)
      rb-fsevent (>= 0.9.3)
      rb-inotify (>= 0.9)
      rb-kqueue (>= 0.2)
    mechanize (2.5.1)
      domain_name (~> 0.5, >= 0.5.1)
      mime-types (~> 1.17, >= 1.17.2)
      net-http-digest_auth (~> 1.1, >= 1.1.1)
      net-http-persistent (~> 2.5, >= 2.5.2)
      nokogiri (~> 1.4)
      ntlm-http (~> 0.1, >= 0.1.1)
      webrobots (~> 0.0, >= 0.0.9)
    mime-types (1.25.1)
    mini_magick (4.0.3)
    mini_portile (0.6.2)
    minitest (5.5.1)
    molinillo (0.2.0)
    multi_json (1.10.1)
    multipart-post (1.2.0)
    nap (0.8.0)
    net-http-digest_auth (1.4)
    net-http-persistent (2.9.4)
    net-sftp (2.1.2)
      net-ssh (>= 2.6.5)
    net-ssh (2.9.2)
    netrc (0.7.8)
    nokogiri (1.6.6.2)
      mini_portile (~> 0.6.0)
    nomad-cli (0.0.2)
      cupertino
      dubai
      houston
      shenzhen
      venice
    notify (0.5.2)
    ntlm-http (0.1.1)
    open4 (1.3.4)
    osx_keychain (1.0.0)
      RubyInline (~> 3)
    pdf-core (0.4.0)
    pem (0.3.1)
      capybara (~> 2.4.3)
      colored
      commander (~> 4.2.0)
      credentials_manager
      highline (~> 1.6.21)
      json
      poltergeist (~> 1.5.1)
    plist (3.1.0)
    poltergeist (1.5.1)
      capybara (~> 2.1)
      cliver (~> 0.3.1)
      multi_json (~> 1.0)
      websocket-driver (>= 0.2.0)
    prawn (1.3.0)
      pdf-core (~> 0.4.0)
      ttfunk (~> 1.4.0)
    produce (0.1.0)
      capybara (~> 2.4.3)
      colored
      commander (~> 4.2.0)
      credentials_manager
      highline (~> 1.6.21)
      json
      poltergeist (~> 1.5.1)
    rack (1.6.0)
    rack-protection (1.5.3)
      rack
    rack-test (0.6.3)
      rack (>= 1.0)
    rb-fsevent (0.9.4)
    rb-inotify (0.9.5)
      ffi (>= 0.5.0)
    rb-kqueue (0.2.3)
      ffi (>= 0.5.0)
    rmagick (2.13.4)
    ruby-progressbar (1.7.1)
    rubyzip (1.1.6)
    security (0.1.3)
    shenzhen (0.11.0)
      aws-sdk (~> 1.0)
      commander (~> 4.1)
      dotenv (~> 0.7)
      faraday (~> 0.8.9)
      faraday_middleware (~> 0.9)
      json (~> 1.8)
      net-sftp (~> 2.1.2)
      plist (~> 3.1.0)
      rubyzip (~> 1.1)
      security (~> 0.1.3)
      terminal-table (~> 1.4.5)
    sigh (0.2.1)
      capybara (~> 2.4.3)
      colored
      commander (~> 4.2.0)
      credentials_manager
      highline (~> 1.6.21)
      json
      poltergeist (~> 1.5.1)
    sinatra (1.4.5)
      rack (~> 1.4)
      rack-protection (~> 1.4)
      tilt (~> 1.3, >= 1.3.4)
    slack-notifier (1.0.0)
    snapshot (0.4.7)
      colored
      commander (~> 4.2.0)
      fastimage (~> 1.6.3)
      highline (~> 1.6.21)
      json
    sqlite3 (1.3.10)
    term-ansicolor (1.0.7)
    terminal-table (1.4.5)
    thor (0.19.1)
    thread_safe (0.3.4)
    tilt (1.4.1)
    ttfunk (1.4.0)
    typhoeus (0.7.1)
      ethon (>= 0.7.1)
    tzinfo (1.2.2)
      thread_safe (~> 0.1)
    unf (0.1.4)
      unf_ext
    unf_ext (0.0.6)
    venice (0.2.0)
      commander (~> 4.1)
      json
      terminal-table (~> 1.4)
    webrobots (0.1.1)
    websocket-driver (0.5.1)
      websocket-extensions (>= 0.1.0)
    websocket-extensions (0.1.1)
    xcodeproj (0.21.2)
      activesupport (>= 3)
      colored (~> 1.2)
    xcpretty (0.1.7)
    xpath (2.0.0)
      nokogiri (~> 1.3)

PLATFORMS
  ruby

DEPENDENCIES
  cocoapods (= 0.36.0.beta.2)
  cocoapods-check_latest
  cocoapods-clean
  cocoapods-dependencies
  cocoapods-docs
  cocoapods-docstats
  cocoapods-keys
  cocoapods-release
  cocoapods-sorted-search
  fastlane
  git_stats
  kicker
  nomad-cli
  rmagick
  sinatra
  xcodeproj
  xcpretty
