GEM
  remote: https://rubygems.org/
  specs:
    RubyInline (3.12.4)
      ZenTest (~> 4.3)
    ZenTest (4.11.0)
    actionpack (4.2.4)
      actionview (= 4.2.4)
      activesupport (= 4.2.4)
      rack (~> 1.6)
      rack-test (~> 0.6.2)
      rails-dom-testing (~> 1.0, >= 1.0.5)
      rails-html-sanitizer (~> 1.0, >= 1.0.2)
    actionview (4.2.4)
      activesupport (= 4.2.4)
      builder (~> 3.1)
      erubis (~> 2.7.0)
      rails-dom-testing (~> 1.0, >= 1.0.5)
      rails-html-sanitizer (~> 1.0, >= 1.0.2)
    activesupport (4.2.4)
      i18n (~> 0.7)
      json (~> 1.7, >= 1.7.7)
      minitest (~> 5.1)
      thread_safe (~> 0.3, >= 0.3.4)
      tzinfo (~> 1.1)
    addressable (2.3.8)
    aws-sdk (1.66.0)
      aws-sdk-v1 (= 1.66.0)
    aws-sdk-v1 (1.66.0)
      json (~> 1.4)
      nokogiri (>= 1.4.4)
    babosa (1.0.2)
    builder (3.2.2)
    capybara (2.4.4)
      mime-types (>= 1.16)
      nokogiri (>= 1.3.3)
      rack (>= 1.0.0)
      rack-test (>= 0.5.4)
      xpath (~> 2.0)
    cert (0.3.1)
      fastlane_core (>= 0.9.1)
      spaceship (>= 0.0.10)
    certified (1.0.0)
    claide (0.9.1)
    cliver (0.3.2)
    cocoapods (0.38.2)
      activesupport (>= 3.2.15)
      claide (~> 0.9.1)
      cocoapods-core (= 0.38.2)
      cocoapods-downloader (~> 0.9.1)
      cocoapods-plugins (~> 0.4.2)
      cocoapods-stats (~> 0.5.3)
      cocoapods-trunk (~> 0.6.1)
      cocoapods-try (~> 0.4.5)
      colored (~> 1.2)
      escape (~> 0.0.4)
      molinillo (~> 0.3.1)
      nap (~> 0.8)
      xcodeproj (~> 0.26.3)
    cocoapods-check_latest (0.1.0)
      cocoapods (~> 0.33)
    cocoapods-clean (0.0.1)
    cocoapods-core (0.38.2)
      activesupport (>= 3.2.15)
      fuzzy_match (~> 2.0.4)
      nap (~> 0.8.0)
    cocoapods-dependencies (0.5.0)
      ruby-graphviz (~> 1.2)
    cocoapods-docs (0.2.0)
    cocoapods-docstats (0.0.3)
      docstat
    cocoapods-downloader (0.9.3)
    cocoapods-keys (1.5.2)
      dotenv
      osx_keychain
    cocoapods-plugins (0.4.2)
      nap
    cocoapods-release (0.3.1)
    cocoapods-sorted-search (0.2.4)
      cocoapods (>= 0.28)
      hashie
      osx_keychain
      ruby-progressbar
      typhoeus
    cocoapods-stats (0.5.3)
      nap (~> 0.8)
    cocoapods-trunk (0.6.4)
      nap (>= 0.8, < 2.0)
      netrc (= 0.7.8)
    cocoapods-try (0.4.5)
    colored (1.2)
    commander (4.3.5)
      highline (~> 1.7.2)
    credentials_manager (0.8.4)
      colored
      highline (>= 1.7.1)
      security
    cupertino (1.3.4)
      certified (~> 1.0.0)
      commander (~> 4.3)
      highline (>= 1.7.1)
      mechanize (~> 2.5.1)
      nokogiri (~> 1.6.3)
      security (~> 0.1.2)
      term-ansicolor (~> 1.0.7)
      terminal-table (~> 1.4.5)
    deliver (0.13.5)
      credentials_manager (>= 0.3.0)
      excon
      fastimage (~> 1.6.3)
      fastlane_core (>= 0.17.1, < 1.0.0)
      nokogiri (~> 1.6.5)
      plist (~> 3.1)
      rubyzip (~> 1.1.6)
    docstat (1.0.4)
      sqlite3
    domain_name (0.5.25)
      unf (>= 0.0.5, < 1.0.0)
    dotenv (2.0.2)
    erubis (2.7.0)
    escape (0.0.4)
    ethon (0.8.0)
      ffi (>= 1.3.0)
    excon (0.45.4)
    faraday (0.9.2)
      multipart-post (>= 1.2, < 3)
    faraday_middleware (0.10.0)
      faraday (>= 0.7.4, < 0.10)
    fastimage (1.6.8)
      addressable (~> 2.3, >= 2.3.5)
    fastlane (1.15.0)
      aws-sdk (~> 1.0)
      cert (>= 0.3.0)
      cupertino (>= 1.3.3)
      deliver (>= 0.13.0)
      fastlane_core (>= 0.12.0)
      frameit (>= 2.1.0)
      krausefx-shenzhen (>= 0.14.5)
      nokogiri (~> 1.6)
      pbxplorer (~> 1.0.0)
      pem (>= 0.6.4)
      produce (>= 0.5.1)
      rest-client (~> 1.8.0)
      sigh (>= 0.10.3)
      slack-notifier (~> 1.0)
      snapshot (>= 0.9.2)
      spaceship (>= 0.3.4)
      terminal-notifier (~> 1.6.2)
      terminal-table (~> 1.4.5)
      xcodeproj (~> 0.20)
      xcpretty (~> 0.1)
    fastlane_core (0.19.0)
      babosa
      capybara (~> 2.4.3)
      colored
      commander (>= 4.3.5)
      credentials_manager (>= 0.8.2, < 1.0.0)
      excon (~> 0.45.0)
      highline (>= 1.7.2)
      json
      multi_json
      phantomjs (~> 1.9.8)
      plist (~> 3.1)
      poltergeist (~> 1.5.1)
      rubyzip (~> 1.1.6)
      terminal-table (~> 1.4.5)
    ffi (1.9.10)
    frameit (2.2.1)
      deliver (> 0.3)
      fastimage (~> 1.6.3)
      fastlane_core (>= 0.16.0, < 1.0.0)
      mini_magick (~> 4.0.2)
    fuzzy_match (2.0.4)
    git_stats (1.0.14)
      actionpack (>= 4.0)
      activesupport (>= 4.0)
      haml (>= 4.0)
      i18n
      json_pure
      lazy_high_charts (>= 1.4)
      thor
      tilt (>= 1.4)
    haml (4.0.7)
      tilt
    hash-deep-merge (0.1.1)
    hashie (3.4.2)
    highline (1.7.7)
    http-cookie (1.0.2)
      domain_name (~> 0.5)
    i18n (0.7.0)
    jazzy (0.3.1)
      cocoapods (~> 0.38)
      mustache (~> 0.99)
      open4
      redcarpet (~> 3.2)
      rouge (~> 1.5)
      sass (~> 3.4)
      sqlite3 (~> 1.3)
      xcinvoke (~> 0.2.0)
    json (1.8.3)
    json_pure (1.8.2)
    kicker (3.0.0)
      listen (~> 1.3.0)
      notify (~> 0.5.2)
    krausefx-shenzhen (0.14.5)
      aws-sdk (~> 1.0)
      commander (~> 4.3)
      dotenv (>= 0.7)
      faraday (~> 0.9)
      faraday_middleware (~> 0.9)
      highline (>= 1.7.2)
      json (~> 1.8)
      net-sftp (~> 2.1.2)
      plist (~> 3.1.0)
      rubyzip (~> 1.1)
      security (~> 0.1.3)
      terminal-table (~> 1.4.5)
    lazy_high_charts (1.5.4)
      bundler (>= 1.0)
      hash-deep-merge
    liferaft (0.0.4)
    listen (1.3.1)
      rb-fsevent (>= 0.9.3)
      rb-inotify (>= 0.9)
      rb-kqueue (>= 0.2)
    loofah (2.0.3)
      nokogiri (>= 1.5.9)
    mechanize (2.5.1)
      domain_name (~> 0.5, >= 0.5.1)
      mime-types (~> 1.17, >= 1.17.2)
      net-http-digest_auth (~> 1.1, >= 1.1.1)
      net-http-persistent (~> 2.5, >= 2.5.2)
      nokogiri (~> 1.4)
      ntlm-http (~> 0.1, >= 0.1.1)
      webrobots (~> 0.0, >= 0.0.9)
    mime-types (1.25.1)
    mini_magick (4.0.4)
    mini_portile (0.6.2)
    minitest (5.8.1)
    molinillo (0.3.1)
    multi_json (1.11.2)
    multi_xml (0.5.5)
    multipart-post (2.0.0)
    mustache (0.99.8)
    nap (0.8.0)
    net-http-digest_auth (1.4)
    net-http-persistent (2.9.4)
    net-sftp (2.1.2)
      net-ssh (>= 2.6.5)
    net-ssh (3.0.1)
    netrc (0.7.8)
    nokogiri (1.6.6.2)
      mini_portile (~> 0.6.0)
    notify (0.5.2)
    ntlm-http (0.1.1)
    open4 (1.3.4)
    osx_keychain (1.0.1)
      RubyInline (~> 3)
    pbxplorer (1.0.0)
    pem (0.6.4)
      fastlane_core (>= 0.7.2)
    phantomjs (1.9.8.0)
    plist (3.1.0)
    poltergeist (1.5.1)
      capybara (~> 2.1)
      cliver (~> 0.3.1)
      multi_json (~> 1.0)
      websocket-driver (>= 0.2.0)
    produce (0.5.1)
      fastlane_core (>= 0.11.1)
      spaceship (>= 0.3.4)
    rack (1.6.4)
    rack-protection (1.5.3)
      rack
    rack-test (0.6.3)
      rack (>= 1.0)
    rails-deprecated_sanitizer (1.0.3)
      activesupport (>= 4.2.0.alpha)
    rails-dom-testing (1.0.7)
      activesupport (>= 4.2.0.beta, < 5.0)
      nokogiri (~> 1.6.0)
      rails-deprecated_sanitizer (>= 1.0.1)
    rails-html-sanitizer (1.0.2)
      loofah (~> 2.0)
    rb-fsevent (0.9.6)
    rb-inotify (0.9.5)
      ffi (>= 0.5.0)
    rb-kqueue (0.2.4)
      ffi (>= 0.5.0)
    redcarpet (3.3.3)
    rest-client (1.8.0)
      http-cookie (>= 1.0.2, < 2.0)
      mime-types (>= 1.16, < 3.0)
      netrc (~> 0.7)
    rmagick (2.15.4)
    rouge (1.10.1)
    ruby-graphviz (1.2.2)
    ruby-progressbar (1.7.5)
    rubyzip (1.1.7)
    sass (3.4.18)
    security (0.1.3)
    sigh (0.10.6)
      fastlane_core (>= 0.14.0)
      plist (~> 3.1)
      spaceship (>= 0.0.14)
    sinatra (1.4.6)
      rack (~> 1.4)
      rack-protection (~> 1.4)
      tilt (>= 1.3, < 3)
    slack-notifier (1.3.1)
    snapshot (0.10.1)
      fastimage (~> 1.6.3)
      fastlane_core (>= 0.16.1, < 1.0.0)
    spaceship (0.3.4)
      credentials_manager (>= 0.5.0)
      faraday (~> 0.9)
      faraday_middleware (~> 0.9)
      multi_xml (~> 0.5)
      plist (~> 3.1)
    sqlite3 (1.3.10)
    term-ansicolor (1.0.7)
    terminal-notifier (1.6.3)
    terminal-table (1.4.5)
    thor (0.19.1)
    thread_safe (0.3.5)
    tilt (2.0.1)
    typhoeus (0.8.0)
      ethon (>= 0.8.0)
    tzinfo (1.2.2)
      thread_safe (~> 0.1)
    unf (0.1.4)
      unf_ext
    unf_ext (0.0.7.1)
    webrobots (0.1.1)
    websocket-driver (0.6.2)
      websocket-extensions (>= 0.1.0)
    websocket-extensions (0.1.2)
    xcinvoke (0.2.0)
      liferaft (~> 0.0.4)
    xcode-install (0.9.6)
      claide (~> 0.9.1)
      spaceship (~> 0.3.4)
    xcodeproj (0.26.3)
      activesupport (>= 3)
      claide (~> 0.9.1)
      colored (~> 1.2)
    xcpretty (0.1.12)
    xpath (2.0.0)
      nokogiri (~> 1.3)

PLATFORMS
  ruby

DEPENDENCIES
  cocoapods
  cocoapods-check_latest
  cocoapods-clean
  cocoapods-dependencies
  cocoapods-docs
  cocoapods-docstats
  cocoapods-keys
  cocoapods-release
  cocoapods-sorted-search
  fastlane
  git_stats
  jazzy
  kicker
  rmagick
  sinatra
  xcode-install
  xcodeproj
  xcpretty

BUNDLED WITH
   1.10.6
