GEM
  remote: https://rubygems.org/
  specs:
    RubyInline (3.12.4)
      ZenTest (~> 4.3)
    ZenTest (4.11.0)
    actionpack (4.2.1)
      actionview (= 4.2.1)
      activesupport (= 4.2.1)
      rack (~> 1.6)
      rack-test (~> 0.6.2)
      rails-dom-testing (~> 1.0, >= 1.0.5)
      rails-html-sanitizer (~> 1.0, >= 1.0.1)
    actionview (4.2.1)
      activesupport (= 4.2.1)
      builder (~> 3.1)
      erubis (~> 2.7.0)
      rails-dom-testing (~> 1.0, >= 1.0.5)
      rails-html-sanitizer (~> 1.0, >= 1.0.1)
    activesupport (4.2.1)
      i18n (~> 0.7)
      json (~> 1.7, >= 1.7.7)
      minitest (~> 5.1)
      thread_safe (~> 0.3, >= 0.3.4)
      tzinfo (~> 1.1)
    addressable (2.3.8)
    aws-sdk (1.64.0)
      aws-sdk-v1 (= 1.64.0)
    aws-sdk-v1 (1.64.0)
      json (~> 1.4)
      nokogiri (>= 1.4.4)
    babosa (1.0.2)
    builder (3.2.2)
    capybara (2.4.4)
      mime-types (>= 1.16)
      nokogiri (>= 1.3.3)
      rack (>= 1.0.0)
      rack-test (>= 0.5.4)
      xpath (~> 2.0)
    cert (0.1.9)
      fastlane_core (>= 0.6.0)
    certified (1.0.0)
    claide (0.8.1)
    cliver (0.3.2)
    cocoapods (0.36.4)
      activesupport (>= 3.2.15)
      claide (~> 0.8.1)
      cocoapods-core (= 0.36.4)
      cocoapods-downloader (~> 0.9.0)
      cocoapods-plugins (~> 0.4.1)
      cocoapods-trunk (~> 0.6.0)
      cocoapods-try (~> 0.4.3)
      colored (~> 1.2)
      escape (~> 0.0.4)
      molinillo (~> 0.2.1)
      nap (~> 0.8)
      open4 (~> 1.3)
      xcodeproj (~> 0.23.1)
    cocoapods-check_latest (0.1.0)
      cocoapods (~> 0.33)
    cocoapods-clean (0.0.1)
    cocoapods-core (0.36.4)
      activesupport (>= 3.2.15)
      fuzzy_match (~> 2.0.4)
      nap (~> 0.8.0)
    cocoapods-dependencies (0.4.1)
    cocoapods-docs (0.2.0)
    cocoapods-docstats (0.0.3)
      docstat
    cocoapods-downloader (0.9.0)
    cocoapods-keys (1.1.0)
      osx_keychain
    cocoapods-plugins (0.4.2)
      nap
    cocoapods-release (0.2.0)
    cocoapods-sorted-search (0.2.4)
      cocoapods (>= 0.28)
      hashie
      osx_keychain
      ruby-progressbar
      typhoeus
    cocoapods-trunk (0.6.0)
      nap (>= 0.8)
      netrc (= 0.7.8)
    cocoapods-try (0.4.3)
    colored (1.2)
    commander (4.3.3)
      highline (~> 1.7.2)
    credentials_manager (0.2.1)
      colored
      highline
      security
    cupertino (1.3.3)
      certified (~> 1.0.0)
      commander (~> 4.3)
      highline (>= 1.7.1)
      mechanize (~> 2.5.1)
      nokogiri (~> 1.6.3)
      security (~> 0.1.2)
      term-ansicolor (~> 1.0.7)
      terminal-table (~> 1.4.5)
    deliver (0.9.2)
      excon
      fastimage (~> 1.6.3)
      fastlane_core (>= 0.5.2)
      nokogiri (~> 1.6.5)
      plist (~> 3.1.0)
      prawn
      rubyzip (~> 1.1.6)
    docstat (1.0.4)
      sqlite3
    domain_name (0.5.24)
      unf (>= 0.0.5, < 1.0.0)
    dotenv (0.11.1)
      dotenv-deployment (~> 0.0.2)
    dotenv-deployment (0.0.2)
    dubai (0.1.0)
      commander (~> 4.1)
      json
      rubyzip (~> 1.0)
      sinatra (~> 1.3)
      terminal-table (~> 1.4)
    erubis (2.7.0)
    escape (0.0.4)
    ethon (0.7.3)
      ffi (>= 1.3.0)
    excon (0.45.3)
    faraday (0.8.9)
      multipart-post (~> 1.2.0)
    faraday_middleware (0.9.1)
      faraday (>= 0.7.4, < 0.10)
    fastimage (1.6.8)
      addressable (~> 2.3, >= 2.3.5)
    fastlane (0.12.4)
      aws-sdk (~> 1.0)
      cert (>= 0.1.7)
      cupertino (>= 1.3.3)
      deliver (>= 0.9.2)
      fastlane_core (>= 0.6.2)
      frameit (>= 1.0.0)
      nokogiri (~> 1.6)
      pem (>= 0.5.4)
      produce (>= 0.2.0)
      shenzhen (~> 0.12)
      sigh (>= 0.4.10)
      slack-notifier (~> 1.0)
      snapshot (>= 0.7.0)
      terminal-notifier (~> 1.6.2)
      terminal-table (~> 1.4.5)
      xcodeproj (~> 0.20)
      xcpretty (~> 0.1)
    fastlane_core (0.6.2)
      babosa
      capybara (~> 2.4.3)
      colored
      commander (>= 4.1.0)
      credentials_manager (>= 0.2.1)
      excon (~> 0.45.0)
      highline (>= 1.7.2)
      json
      multi_json
      phantomjs (~> 1.9.8)
      poltergeist (~> 1.5.1)
    ffi (1.9.8)
    frameit (1.0.1)
      deliver (> 0.3)
      fastimage (~> 1.6.3)
      fastlane_core (>= 0.5.0)
      mini_magick (~> 4.0.2)
    fuzzy_match (2.0.4)
    git_stats (1.0.14)
      actionpack (>= 4.0)
      activesupport (>= 4.0)
      haml (>= 4.0)
      i18n
      json_pure
      lazy_high_charts (>= 1.4)
      thor
      tilt (>= 1.4)
    haml (4.0.6)
      tilt
    hash-deep-merge (0.1.1)
    hashie (3.4.1)
    highline (1.7.2)
    houston (2.2.3)
      commander (~> 4.1)
      json
    i18n (0.7.0)
    json (1.8.2)
    json_pure (1.8.2)
    kicker (3.0.0)
      listen (~> 1.3.0)
      notify (~> 0.5.2)
    lazy_high_charts (1.5.4)
      bundler (>= 1.0)
      hash-deep-merge
    listen (1.3.1)
      rb-fsevent (>= 0.9.3)
      rb-inotify (>= 0.9)
      rb-kqueue (>= 0.2)
    loofah (2.0.1)
      nokogiri (>= 1.5.9)
    mechanize (2.5.1)
      domain_name (~> 0.5, >= 0.5.1)
      mime-types (~> 1.17, >= 1.17.2)
      net-http-digest_auth (~> 1.1, >= 1.1.1)
      net-http-persistent (~> 2.5, >= 2.5.2)
      nokogiri (~> 1.4)
      ntlm-http (~> 0.1, >= 0.1.1)
      webrobots (~> 0.0, >= 0.0.9)
    mime-types (1.25.1)
    mini_magick (4.0.4)
    mini_portile (0.6.2)
    minitest (5.6.0)
    molinillo (0.2.3)
    multi_json (1.11.0)
    multipart-post (1.2.0)
    nap (0.8.0)
    net-http-digest_auth (1.4)
    net-http-persistent (2.9.4)
    net-sftp (2.1.2)
      net-ssh (>= 2.6.5)
    net-ssh (2.9.2)
    netrc (0.7.8)
    nokogiri (1.6.6.2)
      mini_portile (~> 0.6.0)
    nomad-cli (0.0.2)
      cupertino
      dubai
      houston
      shenzhen
      venice
    notify (0.5.2)
    ntlm-http (0.1.1)
    open4 (1.3.4)
    osx_keychain (1.0.0)
      RubyInline (~> 3)
    pdf-core (0.5.1)
    pem (0.5.4)
      fastlane_core (>= 0.6.0)
    phantomjs (1.9.8.0)
    plist (3.1.0)
    poltergeist (1.5.1)
      capybara (~> 2.1)
      cliver (~> 0.3.1)
      multi_json (~> 1.0)
      websocket-driver (>= 0.2.0)
    prawn (2.0.1)
      pdf-core (~> 0.5.1)
      ttfunk (~> 1.4.0)
    produce (0.2.0)
      fastlane_core (>= 0.5.0)
    rack (1.6.0)
    rack-protection (1.5.3)
      rack
    rack-test (0.6.3)
      rack (>= 1.0)
    rails-deprecated_sanitizer (1.0.3)
      activesupport (>= 4.2.0.alpha)
    rails-dom-testing (1.0.6)
      activesupport (>= 4.2.0.beta, < 5.0)
      nokogiri (~> 1.6.0)
      rails-deprecated_sanitizer (>= 1.0.1)
    rails-html-sanitizer (1.0.2)
      loofah (~> 2.0)
    rb-fsevent (0.9.4)
    rb-inotify (0.9.5)
      ffi (>= 0.5.0)
    rb-kqueue (0.2.3)
      ffi (>= 0.5.0)
    rmagick (2.14.0)
    ruby-progressbar (1.7.5)
    rubyzip (1.1.7)
    security (0.1.3)
    shenzhen (0.14.0)
      aws-sdk (~> 1.0)
      commander (~> 4.3)
      dotenv (~> 0.7)
      faraday (~> 0.8.9)
      faraday_middleware (~> 0.9)
      highline (>= 1.7.1)
      json (~> 1.8)
      net-sftp (~> 2.1.2)
      plist (~> 3.1.0)
      rubyzip (~> 1.1)
      security (~> 0.1.3)
      terminal-table (~> 1.4.5)
    sigh (0.4.10)
      fastlane_core (>= 0.6.0)
      plist (~> 3.1.0)
    sinatra (1.4.6)
      rack (~> 1.4)
      rack-protection (~> 1.4)
      tilt (>= 1.3, < 3)
    slack-notifier (1.1.0)
    snapshot (0.7.1)
      fastimage (~> 1.6.3)
      fastlane_core (>= 0.5.0)
    sqlite3 (1.3.10)
    term-ansicolor (1.0.7)
    terminal-notifier (1.6.3)
    terminal-table (1.4.5)
    thor (0.19.1)
    thread_safe (0.3.5)
    tilt (2.0.1)
    ttfunk (1.4.0)
    typhoeus (0.7.1)
      ethon (>= 0.7.1)
    tzinfo (1.2.2)
      thread_safe (~> 0.1)
    unf (0.1.4)
      unf_ext
    unf_ext (0.0.7.1)
    venice (0.2.0)
      commander (~> 4.1)
      json
      terminal-table (~> 1.4)
    webrobots (0.1.1)
    websocket-driver (0.5.4)
      websocket-extensions (>= 0.1.0)
    websocket-extensions (0.1.2)
    xcodeproj (0.23.1)
      activesupport (>= 3)
      colored (~> 1.2)
    xcpretty (0.1.10)
    xpath (2.0.0)
      nokogiri (~> 1.3)

PLATFORMS
  ruby

DEPENDENCIES
  cocoapods
  cocoapods-check_latest
  cocoapods-clean
  cocoapods-dependencies
  cocoapods-docs
  cocoapods-docstats
  cocoapods-keys
  cocoapods-release
  cocoapods-sorted-search
  fastlane
  git_stats
  kicker
  nomad-cli
  rmagick
  sinatra
  xcodeproj
  xcpretty
